GIT
  remote: git://github.com/rtomayko/tilt.git
  revision: 173ade03fb72ade7f3aed948e104e26de043f6cf
  specs:
    tilt (1.3.3)

GEM
  remote: http://rubygems.org/
  specs:
    daemons (1.1.6)
    eventmachine (0.12.10)
    haml (3.1.4)
    hike (1.2.1)
    multi_json (1.0.4)
    powder (0.1.7)
      thor (>= 0.11.5)
    rack (1.4.0)
    rack-protection (1.2.0)
      rack
    rake (0.9.2.2)
    sinatra (1.3.2)
      rack (~> 1.3, >= 1.3.6)
      rack-protection (~> 1.2)
      tilt (~> 1.3, >= 1.3.3)
    sprockets (2.3.0)
      hike (~> 1.2)
      multi_json (~> 1.0)
      rack (~> 1.0)
      tilt (~> 1.1, != 1.3.0)
    sprockets-sass (0.6.0)
      sprockets (~> 2.0)
      tilt (~> 1.1)
    thin (1.3.1)
      daemons (>= 1.0.9)
      eventmachine (>= 0.12.6)
      rack (>= 1.0.0)
    thor (0.14.6)

PLATFORMS
  ruby

DEPENDENCIES
  haml
  powder
  rack
  rake
  sinatra
  sprockets
  sprockets-sass
  thin
  tilt!
